GIT
  remote: https://github.com/crema/nuvo-image
  revision: 24a7a06933969d90708f09de384e033da068d3e1
  tag: 0.5.6
  specs:
    nuvo-image (0.5.6)

GEM
  remote: https://rubygems.org/
  specs:
    aws-sdk (2.7.11)
      aws-sdk-resources (= 2.7.11)
    aws-sdk-core (2.7.11)
      aws-sigv4 (~> 1.0)
      jmespath (~> 1.0)
    aws-sdk-resources (2.7.11)
      aws-sdk-core (= 2.7.11)
    aws-sigv4 (1.0.0)
    blankslate (3.1.3)
    bugsnag (5.2.0)
    byebug (9.0.6)
    colorize (0.8.1)
    concurrent-ruby (1.0.4)
    domain_name (0.5.20161129)
      unf (>= 0.0.5, < 1.0.0)
    filesize (0.1.1)
    http-cookie (1.0.3)
      domain_name (~> 0.5)
    jimson (0.11.0)
      blankslate (~> 3.1, >= 3.1.3)
      multi_json (~> 1, >= 1.11.2)
      rack (~> 1, >= 1.4.5)
      rest-client (~> 1, >= 1.7.3)
    jmespath (1.3.1)
    mime-types (2.99.3)
    multi_json (1.12.1)
    mysql2 (0.4.5)
    netrc (0.11.0)
    parallel (1.10.0)
    rack (1.6.5)
    rake (12.0.0)
    rest-client (1.8.0)
      http-cookie (>= 1.0.2, < 2.0)
      mime-types (>= 1.16, < 3.0)
      netrc (~> 0.7)
    rx (0.0.3)
    semantic_logger (3.4.1)
      concurrent-ruby (~> 1.0)
    sequel (4.43.0)
    unf (0.1.4)
      unf_ext
    unf_ext (0.0.7.2)

PLATFORMS
  ruby

DEPENDENCIES
  aws-sdk
  bugsnag
  byebug
  colorize
  concurrent-ruby
  filesize
  jimson
  mysql2
  nuvo-image!
  parallel
  rake
  rx
  semantic_logger
  sequel

BUNDLED WITH
   1.14.4
