GIT
  remote: git://github.com/crema/nuvo-image.git
  revision: 6af04085c199849a4b5df9836f87492575ce62e6
  tag: 0.3.0
  specs:
    nuvo-image (0.3.0)

GEM
  remote: https://rubygems.org/
  specs:
    CFPropertyList (2.2.8)
    blankslate (3.1.3)
    colorize (0.8.1)
    concurrent-ruby (1.0.2)
    domain_name (0.5.20160615)
      unf (>= 0.0.5, < 1.0.0)
    facter (2.4.6)
      CFPropertyList (~> 2.2.6)
    filesize (0.1.1)
    http-cookie (1.0.2)
      domain_name (~> 0.5)
    jimson (0.11.0)
      blankslate (~> 3.1, >= 3.1.3)
      multi_json (~> 1, >= 1.11.2)
      rack (~> 1, >= 1.4.5)
      rest-client (~> 1, >= 1.7.3)
    mime-types (2.99.2)
    multi_json (1.12.1)
    netrc (0.11.0)
    parallel (1.8.0)
    rack (1.6.4)
    rake (11.1.2)
    rest-client (1.8.0)
      http-cookie (>= 1.0.2, < 2.0)
      mime-types (>= 1.16, < 3.0)
      netrc (~> 0.7)
    rx (0.0.3)
    sqlite3 (1.3.11)
    unf (0.1.4)
      unf_ext
    unf_ext (0.0.7.2)

PLATFORMS
  ruby

DEPENDENCIES
  colorize
  concurrent-ruby
  facter
  filesize
  jimson
  nuvo-image!
  parallel
  rake
  rx
  sqlite3

BUNDLED WITH
   1.12.5
